GEM
  remote: https://rubygems.org/
  specs:
    activesupport (3.2.17)
      i18n (~> 0.6, >= 0.6.4)
      multi_json (~> 1.0)
    awesome_print_motion (0.1.0)
    bubble-wrap (1.5.0)
    builder (3.2.2)
    cdq (0.1.8)
      motion-yaml
      ruby-xcdm (~> 0.0, >= 0.0.6)
    claide (0.4.0)
    cocoapods (0.29.0)
      activesupport (>= 3.2.15, < 4)
      claide (~> 0.4.0)
      cocoapods-core (= 0.29.0)
      cocoapods-downloader (~> 0.3.0)
      cocoapods-try-release-fix (~> 0.1.1)
      colored (~> 1.2)
      escape (~> 0.0.4)
      json_pure (~> 1.8)
      nap (~> 0.5)
      open4 (~> 1.3)
      xcodeproj (~> 0.14.1)
    cocoapods-core (0.29.0)
      activesupport (>= 3.2.15, < 4)
      fuzzy_match (~> 2.0.4)
      json_pure (~> 1.8)
      nap (~> 0.5)
    cocoapods-downloader (0.3.0)
    cocoapods-try-release-fix (0.1.1)
    colored (1.2)
    escape (0.0.4)
    fuzzy_match (2.0.4)
    i18n (0.6.9)
    json_pure (1.8.1)
    motion-cocoapods (1.4.0)
      cocoapods (>= 0.26.2)
    motion-layout (0.0.1)
    motion-require (0.0.7)
    motion-support (0.2.4)
      motion-require (>= 0.0.6)
    motion-yaml (1.2)
    multi_json (1.9.0)
    nap (0.6.0)
    open4 (1.3.3)
    plastic_cup (0.1.1)
    plist (3.1.0)
    rake (10.1.1)
    ruby-xcdm (0.0.7)
      activesupport (~> 3.2)
      builder (~> 3.2)
      plist (~> 3.1)
    sugarcube (1.1.0)
    tgios (0.0.22)
      awesome_print_motion
      motion-layout
      plastic_cup (>= 0.1.1)
      sugarcube (= 1.1.0)
    xcodeproj (0.14.1)
      activesupport (~> 3.0)
      colored (~> 1.2)
      rake

PLATFORMS
  ruby

DEPENDENCIES
  awesome_print_motion
  bubble-wrap (~> 1.5.0)
  cdq
  motion-cocoapods
  motion-layout
  motion-support (= 0.2.4)
  plastic_cup (>= 0.1.1)
  rake
  ruby-xcdm
  sugarcube (= 1.1.0)
  tgios (>= 0.0.22)
